GEM
  remote: https://rubygems.org/
  specs:
    activesupport (3.2.11)
      i18n (~> 0.6)
      multi_json (~> 1.0)
    bubble-wrap (1.1.4)
    colored (1.2)
    i18n (0.6.1)
    ib (0.2.5)
      thor (>= 0.15.4)
      xcodeproj (>= 0.4.1)
    multi_json (1.5.0)
    thor (0.16.0)
    xcodeproj (0.4.1)
      activesupport (~> 3.2.6)
      colored (~> 1.2)

PLATFORMS
  ruby

DEPENDENCIES
  bubble-wrap (~> 1.1.4)
  ib (~> 0.2.5)
